GIT
  remote: git://github.com/asciidoctor/asciidoctor-diagram.git
  revision: 7651ef5b793aca3c4ec9008abfea1ccb8995be0d
  specs:
    asciidoctor-diagram (1.3.1)
      asciidoctor (~> 1.5.0)

GIT
  remote: git://github.com/asciidoctor/asciidoctor-pdf.git
  revision: 6675565a20828913785b8cc5e1d169ea09ea4d5e
  specs:
    asciidoctor-pdf (1.5.0.dev)
      asciidoctor (~> 1.5.0)
      prawn (>= 1.3.0, < 3.0.0)
      prawn-icon (= 0.6.4)
      prawn-svg (= 0.21.0)
      prawn-table (= 0.2.2)
      prawn-templates (= 0.0.3)
      safe_yaml (= 1.0.4)
      thread_safe (= 0.3.5)
      treetop (= 1.5.3)

GIT
  remote: git://github.com/asciidoctor/asciidoctor.git
  revision: 082f1a4465975ac774d988f92c431459d58d0184
  specs:
    asciidoctor (1.5.3.dev)

GIT
  remote: git://github.com/rubychan/coderay.git
  revision: cb18c6af5f53cba503fb9704ce656596ae3db075
  specs:
    coderay (1.1.1.rc1)

GEM
  remote: https://rubygems.org/
  specs:
    Ascii85 (1.0.2)
    addressable (2.3.8)
    afm (0.2.2)
    asciidoctor-pdf-cjk (0.1.1)
      asciidoctor-pdf (~> 1.5.0.alpha.8)
    asciidoctor-pdf-cjk-kai_gen_gothic (0.1.0)
      asciidoctor-pdf-cjk (~> 0.1.1)
    css_parser (1.3.6)
      addressable
    hashery (2.1.1)
    pandoc-ruby (1.0.0)
    pdf-core (0.6.0)
    pdf-reader (1.3.3)
      Ascii85 (~> 1.0.0)
      afm (~> 0.2.0)
      hashery (~> 2.0)
      ruby-rc4
      ttfunk
    polyglot (0.3.5)
    prawn (2.0.2)
      pdf-core (~> 0.6.0)
      ttfunk (~> 1.4.0)
    prawn-icon (0.6.4)
      prawn (>= 1.1.0, < 3.0.0)
    prawn-svg (0.21.0)
      css_parser (~> 1.3)
      prawn (>= 0.8.4, < 3)
    prawn-table (0.2.2)
      prawn (>= 1.3.0, < 3.0.0)
    prawn-templates (0.0.3)
      pdf-reader (~> 1.3)
      prawn (>= 0.15.0)
    rake (10.4.2)
    ruby-rc4 (0.1.5)
    safe_yaml (1.0.4)
    thread_safe (0.3.5)
    treetop (1.5.3)
      polyglot (~> 0.3)
    ttfunk (1.4.0)

PLATFORMS
  ruby

DEPENDENCIES
  asciidoctor!
  asciidoctor-diagram!
  asciidoctor-pdf!
  asciidoctor-pdf-cjk (~> 0.1.1)
  asciidoctor-pdf-cjk-kai_gen_gothic (~> 0.1.0)
  coderay!
  pandoc-ruby
  prawn
  rake

BUNDLED WITH
   1.10.6
